GEM
  remote: http://rubygems.org/
  specs:
    chingu (0.8.1)
      crack
      gosu (>= 0.7.25)
      rest-client
    crack (0.3.2)
    cri (2.1.0)
    faster_xml_simple (0.5.0)
      libxml-ruby (>= 0.3.8.4)
    gosu (0.7.47.1)
    httpclient (2.3.3)
    json (1.7.7)
    libxml-ruby (2.6.0)
    mime-types (1.23)
    net-github-upload (0.0.8)
      faster_xml_simple
      httpclient
      json
      nokogiri (>= 1.4.0)
    nokogiri (1.5.9)
    ocra (1.3.1)
    rake (0.9.2.2)
    releasy (0.2.2)
      cri (~> 2.1.0)
      net-github-upload (~> 0.0.8)
      ocra (~> 1.3.0)
      rake (~> 0.9.2.2)
      thor (~> 0.14.6)
    rest-client (1.6.7)
      mime-types (>= 1.16)
    texplay (0.4.3)
      gosu (>= 0.7.25)
    thor (0.14.6)

PLATFORMS
  ruby

DEPENDENCIES
  chingu
  gosu
  releasy
  texplay
